GEM
  remote: https://rubygems.org/
  specs:
    figaro (1.1.1)
      thor (~> 0.14)
    httparty (0.15.6)
      multi_xml (>= 0.5.2)
    json (1.8.6)
    multi_xml (0.6.0)
    thor (0.19.1)

PLATFORMS
  ruby

DEPENDENCIES
  figaro
  httparty
  json (~> 1.8, >= 1.8.3)

BUNDLED WITH
   1.16.1
